GEM
  remote: https://rubygems.org/
  specs:
    addressable (2.3.5)
    breakpoint (2.0.7)
      compass (>= 0.12.1)
      sass (>= 3.2.0)
    chunky_png (1.3.0)
    compass (0.12.2)
      chunky_png (~> 1.2)
      fssm (>= 0.2.7)
      sass (~> 3.1)
    css_parser (1.3.5)
      addressable
    fssm (0.2.10)
    sass (3.2.14)
    sass-globbing (1.1.0)
      sass (>= 3.1)
    singularitygs (1.1.2)
      breakpoint (>= 2.0.1)
      compass (>= 0.12.2)
      sass (>= 3.2.1)

PLATFORMS
  ruby

DEPENDENCIES
  compass (~> 0.12.0)
  css_parser
  sass (~> 3.2.0)
  sass-globbing (>= 1.1.0)
  singularitygs (~> 1.1.2)
